GEM
  remote: https://rubygems.org/
  specs:
    power_assert (2.0.0)
    rake (13.0.3)
    test-unit (3.4.1)
      power_assert

PLATFORMS
  ruby

DEPENDENCIES
  rake
  test-unit

BUNDLED WITH
   2.2.15
